GEM
  remote: https://rubygems.org/
  specs:
    backports (3.17.1)
    daemons (1.3.1)
    diffy (3.3.0)
    eventmachine (1.2.7)
    excon (0.73.0)
    faraday (0.17.3)
      multipart-post (>= 1.2, < 3)
    filewatcher (1.1.1)
      optimist (~> 3.0)
    haml (5.0.0)
      temple (>= 0.8.0)
      tilt
    hashie (4.1.0)
    json (1.8.6)
    jwt (2.2.1)
    multi_json (1.14.1)
    multi_xml (0.6.0)
    multipart-post (2.1.1)
    mustermann (1.1.1)
      ruby2_keywords (~> 0.0.1)
    nimbu (0.11.8)
      diffy
      filewatcher
      json
      nimbu-api (~> 0.4.4)
      rack (~> 2.0.3)
      rack-streaming-proxy
      rb-fsevent (~> 0.9)
      rubyzip
      sinatra (~> 2.0.2)
      sinatra-contrib
      term-ansicolor (~> 1.0.5)
      thin
      wdm
    nimbu-api (0.4.4)
      excon
      faraday (~> 0.15)
      hashie
      multi_json
      oauth2
    oauth2 (1.4.4)
      faraday (>= 0.8, < 2.0)
      jwt (>= 1.0, < 3.0)
      multi_json (~> 1.3)
      multi_xml (~> 0.5)
      rack (>= 1.2, < 3)
    optimist (3.0.1)
    rack (2.0.9)
    rack-protection (2.0.8.1)
      rack
    rack-streaming-proxy (2.0.2)
      rack (>= 1.4)
      servolux (~> 0.10)
    rb-fsevent (0.10.4)
    ruby2_keywords (0.0.2)
    rubyzip (2.3.0)
    servolux (0.13.0)
    sinatra (2.0.8.1)
      mustermann (~> 1.0)
      rack (~> 2.0)
      rack-protection (= 2.0.8.1)
      tilt (~> 2.0)
    sinatra-contrib (2.0.8.1)
      backports (>= 2.8.2)
      multi_json
      mustermann (~> 1.0)
      rack-protection (= 2.0.8.1)
      sinatra (= 2.0.8.1)
      tilt (~> 2.0)
    temple (0.8.2)
    term-ansicolor (1.0.7)
    thin (1.7.2)
      daemons (~> 1.0, >= 1.0.9)
      eventmachine (~> 1.0, >= 1.0.4)
      rack (>= 1, < 3)
    tilt (2.0.10)
    wdm (0.1.1)

PLATFORMS
  ruby

DEPENDENCIES
  haml
  json (~> 1.8.3)
  nimbu (~> 0.11.8)

BUNDLED WITH
   1.17.3
