GEM
  remote: https://rubygems.org/
  specs:
    backports (3.11.1)
    daemons (1.2.6)
    diffy (3.2.0)
    eventmachine (1.2.5)
    excon (0.60.0)
    faraday (0.8.9)
      multipart-post (~> 1.2.0)
    ffi (1.9.18)
    haml (4.0.7)
      tilt
    hashie (3.5.7)
    json (1.8.6)
    jwt (1.5.6)
    listen (1.3.1)
      rb-fsevent (>= 0.9.3)
      rb-inotify (>= 0.9)
      rb-kqueue (>= 0.2)
    multi_json (1.13.1)
    multi_xml (0.6.0)
    multipart-post (1.2.0)
    mustermann (1.0.1)
    nimbu (0.10.0)
      diffy
      json
      listen (~> 1.x)
      nimbu-api (= 0.2.1)
      rack (= 2.0.3)
      rack-streaming-proxy
      rb-fsevent (~> 0.9)
      rubyzip
      sinatra (= 2.0.0)
      sinatra-contrib
      term-ansicolor (~> 1.0.5)
      thin
      wdm
    nimbu-api (0.2.1)
      excon
      faraday (= 0.8.9)
      hashie
      multi_json
      oauth2
    oauth2 (1.4.0)
      faraday (>= 0.8, < 0.13)
      jwt (~> 1.0)
      multi_json (~> 1.3)
      multi_xml (~> 0.5)
      rack (>= 1.2, < 3)
    rack (2.0.3)
    rack-protection (2.0.0)
      rack
    rack-streaming-proxy (2.0.2)
      rack (>= 1.4)
      servolux (~> 0.10)
    rb-fsevent (0.10.2)
    rb-inotify (0.9.10)
      ffi (>= 0.5.0, < 2)
    rb-kqueue (0.2.5)
      ffi (>= 0.5.0)
    rubyzip (1.2.1)
    servolux (0.13.0)
    sinatra (2.0.0)
      mustermann (~> 1.0)
      rack (~> 2.0)
      rack-protection (= 2.0.0)
      tilt (~> 2.0)
    sinatra-contrib (2.0.0)
      backports (>= 2.0)
      multi_json
      mustermann (~> 1.0)
      rack-protection (= 2.0.0)
      sinatra (= 2.0.0)
      tilt (>= 1.3, < 3)
    term-ansicolor (1.0.7)
    thin (1.7.2)
      daemons (~> 1.0, >= 1.0.9)
      eventmachine (~> 1.0, >= 1.0.4)
      rack (>= 1, < 3)
    tilt (2.0.8)
    wdm (0.1.1)

PLATFORMS
  ruby

DEPENDENCIES
  haml
  json (~> 1.8.3)
  nimbu

BUNDLED WITH
   1.15.4
