GEM
  remote: https://rubygems.org/
  specs:
    activesupport (5.2.1)
      concurrent-ruby (~> 1.0, >= 1.0.2)
      i18n (>= 0.7, < 2)
      minitest (~> 5.1)
      tzinfo (~> 1.1)
    backports (3.11.4)
    concurrent-ruby (1.0.5)
    daemons (1.2.6)
    diffy (3.2.1)
    eventmachine (1.2.7)
    excon (0.62.0)
    faraday (0.15.3)
      multipart-post (>= 1.2, < 3)
    ffi (1.9.25)
    haml (4.0.7)
      tilt
    hashie (3.6.0)
    httpauth (0.2.1)
    i18n (1.1.0)
      concurrent-ruby (~> 1.0)
    json (1.8.6)
    listen (1.3.1)
      rb-fsevent (>= 0.9.3)
      rb-inotify (>= 0.9)
      rb-kqueue (>= 0.2)
    minitest (5.11.3)
    multi_json (1.13.1)
    multipart-post (2.0.0)
    mustermann (1.0.3)
    nimbu (0.11.3)
      diffy
      json
      listen (~> 1.x)
      nimbu-api (~> 0.4.1)
      rack (~> 2.0.3)
      rack-streaming-proxy
      rb-fsevent (~> 0.9)
      rubyzip
      sinatra (~> 2.0.2)
      sinatra-contrib
      term-ansicolor (~> 1.0.5)
      thin
      wdm
    nimbu-api (0.4.1)
      excon
      faraday (~> 0.15)
      hashie
      multi_json
      oauth2
    oauth2 (0.6.1)
      faraday (~> 0.7)
      httpauth (~> 0.1)
      multi_json (~> 1.3)
    rack (2.0.5)
    rack-protection (2.0.4)
      rack
    rack-streaming-proxy (2.0.2)
      rack (>= 1.4)
      servolux (~> 0.10)
    rb-fsevent (0.10.3)
    rb-inotify (0.9.10)
      ffi (>= 0.5.0, < 2)
    rb-kqueue (0.2.5)
      ffi (>= 0.5.0)
    rubyzip (1.2.2)
    servolux (0.13.0)
    sinatra (2.0.4)
      mustermann (~> 1.0)
      rack (~> 2.0)
      rack-protection (= 2.0.4)
      tilt (~> 2.0)
    sinatra-contrib (2.0.4)
      activesupport (>= 4.0.0)
      backports (>= 2.8.2)
      multi_json
      mustermann (~> 1.0)
      rack-protection (= 2.0.4)
      sinatra (= 2.0.4)
      tilt (>= 1.3, < 3)
    term-ansicolor (1.0.7)
    thin (1.7.2)
      daemons (~> 1.0, >= 1.0.9)
      eventmachine (~> 1.0, >= 1.0.4)
      rack (>= 1, < 3)
    thread_safe (0.3.6)
    tilt (2.0.8)
    tzinfo (1.2.5)
      thread_safe (~> 0.1)
    wdm (0.1.1)

PLATFORMS
  ruby

DEPENDENCIES
  haml
  json (~> 1.8.3)
  nimbu (~> 0.11.3)

BUNDLED WITH
   1.16.2
