GEM
  remote: https://rubygems.org/
  specs:
    daemons (1.4.1)
    diffy (3.4.2)
    eventmachine (1.2.7)
    excon (0.109.0)
    faraday (0.17.6)
      multipart-post (>= 1.2, < 3)
    filewatcher (2.1.0)
      module_methods (~> 0.1.0)
    haml (4.0.7)
      tilt
    hashie (5.0.0)
    json (2.7.1)
    jwt (2.7.1)
    lolcat (100.0.1)
      manpages (~> 0.6.1)
      optimist (~> 3.0.0)
      paint (~> 2.1)
    manpages (0.6.1)
    module_methods (0.1.0)
    multi_json (1.15.0)
    multi_xml (0.6.0)
    multipart-post (2.3.0)
    mustermann (2.0.2)
      ruby2_keywords (~> 0.0.1)
    netrc (0.11.0)
    nimbu (0.13.2)
      diffy
      filewatcher
      json
      lolcat
      netrc
      nimbu-api (~> 0.4.4)
      rack (>= 2.1.4)
      rack-streaming-proxy
      rb-fsevent (~> 0.9)
      rubyzip
      sinatra (~> 2.2.3)
      sinatra-contrib
      term-ansicolor (~> 1.0.5)
      thin
      wdm
    nimbu-api (0.4.4)
      excon
      faraday (~> 0.15)
      hashie
      multi_json
      oauth2
    oauth2 (2.0.9)
      faraday (>= 0.17.3, < 3.0)
      jwt (>= 1.0, < 3.0)
      multi_xml (~> 0.5)
      rack (>= 1.2, < 4)
      snaky_hash (~> 2.0)
      version_gem (~> 1.1)
    optimist (3.0.1)
    paint (2.3.0)
    rack (2.2.9)
    rack-protection (2.2.4)
      rack
    rack-streaming-proxy (2.0.2)
      rack (>= 1.4)
      servolux (~> 0.10)
    rb-fsevent (0.11.2)
    ruby2_keywords (0.0.5)
    rubyzip (2.3.2)
    servolux (0.13.0)
    sinatra (2.2.4)
      mustermann (~> 2.0)
      rack (~> 2.2)
      rack-protection (= 2.2.4)
      tilt (~> 2.0)
    sinatra-contrib (2.2.4)
      multi_json
      mustermann (~> 2.0)
      rack-protection (= 2.2.4)
      sinatra (= 2.2.4)
      tilt (~> 2.0)
    snaky_hash (2.0.1)
      hashie
      version_gem (~> 1.1, >= 1.1.1)
    term-ansicolor (1.0.7)
    thin (1.8.2)
      daemons (~> 1.0, >= 1.0.9)
      eventmachine (~> 1.0, >= 1.0.4)
      rack (>= 1, < 3)
    tilt (2.0.10)
    version_gem (1.1.3)
    wdm (0.1.1)

PLATFORMS
  ruby

DEPENDENCIES
  haml (< 5)
  nimbu (~> 0.13.2)

BUNDLED WITH
   2.4.15
