GEM
  remote: https://rubygems.org/
  specs:
    daemons (1.4.1)
    diffy (3.4.0)
    eventmachine (1.2.7)
    excon (0.91.0)
    faraday (0.17.4)
      multipart-post (>= 1.2, < 3)
    filewatcher (1.1.1)
      optimist (~> 3.0)
    haml (4.0.7)
      tilt
    hashie (5.0.0)
    json (2.6.1)
    jwt (2.3.0)
    lolcat (100.0.1)
      manpages (~> 0.6.1)
      optimist (~> 3.0.0)
      paint (~> 2.1)
    manpages (0.6.1)
    multi_json (1.15.0)
    multi_xml (0.6.0)
    multipart-post (2.1.1)
    mustermann (1.1.1)
      ruby2_keywords (~> 0.0.1)
    netrc (0.11.0)
    nimbu (0.13.1)
      diffy
      filewatcher
      json
      lolcat
      netrc
      nimbu-api (~> 0.4.4)
      rack (>= 2.1.4)
      rack-streaming-proxy
      rb-fsevent (~> 0.9)
      rubyzip
      sinatra (~> 2.1.0)
      sinatra-contrib
      term-ansicolor (~> 1.0.5)
      thin
      wdm
    nimbu-api (0.4.4)
      excon
      faraday (~> 0.15)
      hashie
      multi_json
      oauth2
    oauth2 (1.4.7)
      faraday (>= 0.8, < 2.0)
      jwt (>= 1.0, < 3.0)
      multi_json (~> 1.3)
      multi_xml (~> 0.5)
      rack (>= 1.2, < 3)
    optimist (3.0.1)
    paint (2.2.1)
    rack (2.2.6.2)
    rack-protection (2.1.0)
      rack
    rack-streaming-proxy (2.0.2)
      rack (>= 1.4)
      servolux (~> 0.10)
    rb-fsevent (0.11.1)
    ruby2_keywords (0.0.5)
    rubyzip (2.3.2)
    servolux (0.13.0)
    sinatra (2.1.0)
      mustermann (~> 1.0)
      rack (~> 2.2)
      rack-protection (= 2.1.0)
      tilt (~> 2.0)
    sinatra-contrib (2.1.0)
      multi_json
      mustermann (~> 1.0)
      rack-protection (= 2.1.0)
      sinatra (= 2.1.0)
      tilt (~> 2.0)
    term-ansicolor (1.0.7)
    thin (1.8.1)
      daemons (~> 1.0, >= 1.0.9)
      eventmachine (~> 1.0, >= 1.0.4)
      rack (>= 1, < 3)
    tilt (2.0.10)
    wdm (0.1.1)

PLATFORMS
  ruby

DEPENDENCIES
  haml (< 5)
  nimbu (~> 0.13.1)

BUNDLED WITH
   2.3.6
